GEM
  remote: https://rubygems.org/
  specs:
    ffi (1.9.14)
    mittsu (0.1.3)
      ffi (~> 1.9)
      opengl-bindings (~> 1.5)
      rmagick (~> 2.15)
    opengl-bindings (1.6.0)
    rmagick (2.16.0)

PLATFORMS
  ruby

DEPENDENCIES
  mittsu

BUNDLED WITH
   1.12.5
