GEM
  remote: https://rubygems.org/
  specs:
    chunky_png (1.4.0)
    fiddle (1.1.5)
    mittsu (0.5.0)
      chunky_png
    mittsu-opengl (0.5.1)
      fiddle (~> 1.0)
      mittsu (~> 0.5.0)
      opengl-bindings2
    opengl-bindings2 (2.0.2)

PLATFORMS
  aarch64-linux

DEPENDENCIES
  mittsu-opengl (~> 0.5.1)

BUNDLED WITH
   2.5.23
