GEM
  remote: https://rubygems.org/
  specs:
    chunky_png (1.3.8)
    ffi (1.9.14)
    ffi (1.9.14-x64-mingw32)
    mittsu (0.1.6)
      chunky_png (~> 1.3)
      ffi (~> 1.9)
      opengl-bindings (~> 1.5)
    opengl-bindings (1.6.1)

PLATFORMS
  ruby
  x64-mingw32

DEPENDENCIES
  mittsu

BUNDLED WITH
   1.13.7
